GEM
  remote: https://rubygems.org/
  specs:
    activesupport (4.2.10)
      i18n (~> 0.7)
      minitest (~> 5.1)
      thread_safe (~> 0.3, >= 0.3.4)
      tzinfo (~> 1.1)
    addressable (2.4.0)
    aws-sdk (2.11.52)
      aws-sdk-resources (= 2.11.52)
    aws-sdk-core (2.11.52)
      aws-sigv4 (~> 1.0)
      jmespath (~> 1.0)
    aws-sdk-resources (2.11.52)
      aws-sdk-core (= 2.11.52)
    aws-sigv4 (1.0.2)
    backports (3.11.3)
    coderay (1.1.2)
    colorize (0.8.1)
    commonmarker (0.14.15)
      ruby-enum (~> 0.5)
    concurrent-ruby (1.0.5)
    ethon (0.11.0)
      ffi (>= 1.3.0)
    faraday (0.13.1)
      multipart-post (>= 1.2, < 3)
    faraday_middleware (0.12.2)
      faraday (>= 0.7.4, < 1.0)
    fast_gettext (1.1.2)
    ffi (1.9.23)
    gettext (3.2.9)
      locale (>= 2.0.5)
      text (>= 1.3.0)
    gettext-setup (0.30)
      fast_gettext (~> 1.1.0)
      gettext (>= 3.0.2)
      locale
    gh (0.15.1)
      addressable (~> 2.4.0)
      backports
      faraday (~> 0.8)
      multi_json (~> 1.0)
      net-http-persistent (~> 2.9)
      net-http-pipeline
    github-markup (1.7.0)
    highline (1.7.10)
    i18n (0.9.5)
      concurrent-ruby (~> 1.0)
    interactive-logger (0.1.3)
      colorize (~> 0.7, >= 0.7.7)
      ruby-duration (~> 3.2, >= 3.2.3)
    iso8601 (0.10.1)
    jmespath (1.4.0)
    json (2.1.0)
    launchy (2.4.3)
      addressable (~> 2.3)
    librarian-puppet (2.2.3)
      librarianp (>= 0.6.3)
      puppet_forge (~> 2.1)
      rsync
    librarianp (0.6.4)
      thor (~> 0.15)
    locale (2.1.2)
    method_source (0.9.0)
    minitar (0.6.1)
    minitest (5.11.3)
    moonshot (2.0.0.beta6)
      activesupport (< 5.0.0)
      aws-sdk (~> 2.0, >= 2.2.0)
      colorize
      highline (~> 1.7.2)
      interactive-logger (~> 0.1.2)
      pry
      require_all (~> 1.5.0)
      retriable
      rotp (~> 2.1.1)
      ruby-duration (~> 3.2.3)
      semantic
      thor (~> 0.19.1)
      travis
      vandamme
    multi_json (1.13.1)
    multipart-post (2.0.0)
    net-http-persistent (2.9.4)
    net-http-pipeline (1.0.1)
    pry (0.11.3)
      coderay (~> 1.1.0)
      method_source (~> 0.9.0)
    puppet_forge (2.2.9)
      faraday (>= 0.9.0, < 0.14.0)
      faraday_middleware (>= 0.9.0, < 0.13.0)
      gettext-setup (~> 0.11)
      minitar
      semantic_puppet (~> 1.0)
    pusher-client (0.6.2)
      json
      websocket (~> 1.0)
    require_all (1.5.0)
    retriable (3.1.1)
    rotp (2.1.2)
    rsync (1.0.9)
    ruby-duration (3.2.3)
      activesupport (>= 3.0.0)
      i18n
      iso8601
    ruby-enum (0.7.2)
      i18n
    semantic (1.6.1)
    semantic_puppet (1.0.2)
    text (1.3.1)
    thor (0.19.4)
    thread_safe (0.3.6)
    travis (1.8.8)
      backports
      faraday (~> 0.9)
      faraday_middleware (~> 0.9, >= 0.9.1)
      gh (~> 0.13)
      highline (~> 1.6)
      launchy (~> 2.1)
      pusher-client (~> 0.4)
      typhoeus (~> 0.6, >= 0.6.8)
    typhoeus (0.8.0)
      ethon (>= 0.8.0)
    tzinfo (1.2.5)
      thread_safe (~> 0.1)
    vandamme (0.0.12)
      commonmarker (~> 0.14.14)
      github-markup (~> 1.3)
    websocket (1.2.5)

PLATFORMS
  ruby

DEPENDENCIES
  librarian-puppet (~> 2.2.3)
  moonshot (~> 2.0.0.beta1)

BUNDLED WITH
   1.16.1
